PATH
  remote: .
  specs:
    cfa-eng-cli (0.1.0)
      aws-sdk-ec2 (~> 1.515)
      aws-sdk-ssm (~> 1.192)
      configsl (~> 1.0)
      libxml-ruby (~> 5.0)
      thor (~> 1.3)

GEM
  remote: https://rubygems.org/
  specs:
    ast (2.4.3)
    aws-eventstream (1.3.2)
    aws-partitions (1.1083.0)
    aws-sdk-core (3.222.1)
      aws-eventstream (~> 1, >= 1.3.0)
      aws-partitions (~> 1, >= 1.992.0)
      aws-sigv4 (~> 1.9)
      base64
      jmespath (~> 1, >= 1.6.1)
      logger
    aws-sdk-ec2 (1.515.0)
      aws-sdk-core (~> 3, >= 3.216.0)
      aws-sigv4 (~> 1.5)
    aws-sdk-ssm (1.192.0)
      aws-sdk-core (~> 3, >= 3.216.0)
      aws-sigv4 (~> 1.5)
    aws-sigv4 (1.11.0)
      aws-eventstream (~> 1, >= 1.0.2)
    base64 (0.2.0)
    configsl (1.0.2)
      facets (~> 3.1)
    diff-lcs (1.6.1)
    docile (1.4.1)
    facets (3.1.0)
    jmespath (1.6.2)
    json (2.10.2)
    language_server-protocol (3.17.0.4)
    libxml-ruby (5.0.3)
    lint_roller (1.1.0)
    logger (1.7.0)
    parallel (1.26.3)
    parser (3.3.7.4)
      ast (~> 2.4.1)
      racc
    prism (1.4.0)
    racc (1.8.1)
    rainbow (3.1.1)
    rake (13.2.1)
    regexp_parser (2.10.0)
    rspec (3.13.0)
      rspec-core (~> 3.13.0)
      rspec-expectations (~> 3.13.0)
      rspec-mocks (~> 3.13.0)
    rspec-core (3.13.3)
      rspec-support (~> 3.13.0)
    rspec-expectations (3.13.3)
      diff-lcs (>= 1.2.0, < 2.0)
      rspec-support (~> 3.13.0)
    rspec-github (3.0.0)
      rspec-core (~> 3.0)
    rspec-mocks (3.13.2)
      diff-lcs (>= 1.2.0, < 2.0)
      rspec-support (~> 3.13.0)
    rspec-support (3.13.2)
    rubocop (1.75.2)
      json (~> 2.3)
      language_server-protocol (~> 3.17.0.2)
      lint_roller (~> 1.1.0)
      parallel (~> 1.10)
      parser (>= 3.3.0.2)
      rainbow (>= 2.2.2, < 4.0)
      regexp_parser (>= 2.9.3, < 3.0)
      rubocop-ast (>= 1.44.0, < 2.0)
      ruby-progressbar (~> 1.7)
      unicode-display_width (>= 2.4.0, < 4.0)
    rubocop-ast (1.44.0)
      parser (>= 3.3.7.2)
      prism (~> 1.4)
    rubocop-md (2.0.0)
      lint_roller (~> 1.1)
      rubocop (>= 1.72.1)
    rubocop-rake (0.7.1)
      lint_roller (~> 1.1)
      rubocop (>= 1.72.1)
    rubocop-rspec (3.5.0)
      lint_roller (~> 1.1)
      rubocop (~> 1.72, >= 1.72.1)
    rubocop-yard (0.10.0)
      rubocop (~> 1.21)
      yard
    ruby-progressbar (1.13.0)
    simplecov (0.22.0)
      docile (~> 1.1)
      simplecov-html (~> 0.11)
      simplecov_json_formatter (~> 0.1)
    simplecov-html (0.13.1)
    simplecov_json_formatter (0.1.4)
    thor (1.3.2)
    unicode-display_width (3.1.4)
      unicode-emoji (~> 4.0, >= 4.0.4)
    unicode-emoji (4.0.4)
    yard (0.9.37)

PLATFORMS
  arm64-darwin-23
  ruby

DEPENDENCIES
  cfa-eng-cli!
  rake (~> 13.2)
  rspec (~> 3.13)
  rspec-github (~> 3.0)
  rubocop (~> 1.75)
  rubocop-md (~> 2.0)
  rubocop-rake (~> 0.7)
  rubocop-rspec (~> 3.5)
  rubocop-yard (~> 0.10)
  simplecov (~> 0.22)

BUNDLED WITH
   2.5.15
